PATH
  remote: .
  specs:
    scrapey (0.0.1)

GEM
  remote: https://rubygems.org/
  specs:
    diff-lcs (1.2.4)
    docile (1.1.3)
    multi_json (1.9.2)
    rake (10.3.2)
    rspec (2.14.1)
      rspec-core (~> 2.14.0)
      rspec-expectations (~> 2.14.0)
      rspec-mocks (~> 2.14.0)
    rspec-core (2.14.5)
    rspec-expectations (2.14.3)
      diff-lcs (>= 1.1.3, < 2.0)
    rspec-mocks (2.14.3)
    simplecov (0.8.2)
      docile (~> 1.1.0)
      multi_json
      simplecov-html (~> 0.8.0)
    simplecov-html (0.8.0)

PLATFORMS
  ruby

DEPENDENCIES
  bundler (~> 1.3)
  rake (~> 10.3)
  rspec (~> 2.14)
  scrapey!
  simplecov (~> 0.8.0)
